GEM
  specs:
    bashcov (3.1.1)
      simplecov (~> 0.21.2)
    docile (1.4.0)
    simplecov (0.21.2)
      docile (~> 1.1)
      simplecov-html (~> 0.11)
      simplecov_json_formatter (~> 0.1)
    simplecov-html (0.12.3)
    simplecov_json_formatter (0.1.4)

PLATFORMS
  arm64-darwin-22
  ruby

DEPENDENCIES
  bashcov

BUNDLED WITH
   2.5.4
