GIT
  remote: https://github.com/dalisoft/bashcov
  revision: 63b21eeec7c82d258409a137e2e73c18ad550ba6
  branch: simplecov-upgrade
  specs:
    bashcov (3.1.2)
      simplecov (~> 0.22.0)

GEM
  specs:
    docile (1.4.0)
    simplecov (0.22.0)
      docile (~> 1.1)
      simplecov-html (~> 0.11)
      simplecov_json_formatter (~> 0.1)
    simplecov-html (0.12.3)
    simplecov-lcov (0.8.0)
    simplecov_json_formatter (0.1.4)

PLATFORMS
  arm64-darwin-22
  ruby

DEPENDENCIES
  bashcov (= 3.1.2)!
  simplecov-lcov (~> 0.8.0)

BUNDLED WITH
   2.5.4
