GEM
  remote: https://rubygems.org/
  specs:
    bashcov (3.1.2)
      simplecov (~> 0.22.0)
    bigdecimal (3.1.8)
    coveralls_reborn (0.28.0)
      simplecov (~> 0.22.0)
      term-ansicolor (~> 1.7)
      thor (~> 1.2)
      tins (~> 1.32)
    docile (1.4.0)
    simplecov (0.22.0)
      docile (~> 1.1)
      simplecov-html (~> 0.11)
      simplecov_json_formatter (~> 0.1)
    simplecov-html (0.12.3)
    simplecov_json_formatter (0.1.4)
    sync (0.5.0)
    term-ansicolor (1.8.0)
      tins (~> 1.0)
    thor (1.3.1)
    tins (1.33.0)
      bigdecimal
      sync

PLATFORMS
  arm64-darwin-22
  ruby

DEPENDENCIES
  bashcov
  coveralls_reborn

BUNDLED WITH
   2.5.4
