GIT
  remote: https://github.com/dalisoft/bashcov
  revision: 63b21eeec7c82d258409a137e2e73c18ad550ba6
  branch: simplecov-upgrade
  specs:
    bashcov (3.1.2)
      simplecov (~> 0.22.0)

GIT
  remote: https://github.com/simplecov-ruby/simplecov
  revision: 862c93708a0259f97419350d89e2814f69d47cb4
  branch: main
  specs:
    simplecov (0.22.0)
      docile (~> 1.1)
      simplecov-html (~> 0.11)
      simplecov_json_formatter (~> 0.1)

GIT
  remote: https://github.com/tagliala/coveralls-ruby-reborn
  revision: 9461139f1d4a8f80deb5a7a47f6e39dda68e8de4
  branch: main
  specs:
    coveralls_reborn (0.28.0)
      simplecov (~> 0.22.0)
      term-ansicolor (~> 1.7)
      thor (~> 1.2)
      tins (~> 1.32)

GEM
  specs:
    docile (1.4.0)
    simplecov-html (0.12.3)
    simplecov_json_formatter (0.1.4)
    sync (0.5.0)
    term-ansicolor (1.7.1)
      tins (~> 1.0)
    thor (1.3.1)
    tins (1.32.1)
      sync

PLATFORMS
  arm64-darwin-22
  ruby

DEPENDENCIES
  bashcov (= 3.1.2)!
  coveralls_reborn!
  simplecov (= 0.22.0)!

BUNDLED WITH
   2.5.4
